GEM
  remote: https://rubygems.org/
  specs:
    ansi (1.5.0)
    colorize (0.7.7)
    contest (0.1.3)
    minitest (4.7.5)
    turn (0.9.7)
      ansi
      minitest (~> 4)

PLATFORMS
  ruby

DEPENDENCIES
  colorize
  contest
  turn
